GEM
  remote: http://rubygems.org/
  specs:
    actionmailer (2.3.3)
      actionpack (= 2.3.3)
    actionpack (2.3.3)
      activesupport (= 2.3.3)
      rack (~> 1.0.0)
    activerecord (2.3.3)
      activesupport (= 2.3.3)
    activerecord-jdbc-adapter (1.1.3)
    activeresource (2.3.3)
      activesupport (= 2.3.3)
    activesupport (2.3.3)
    bouncy-castle-java (1.5.0146.1)
    jdbc-mysql (5.1.13)
    jruby-openssl (0.7.4)
      bouncy-castle-java
    jruby-rack (1.0.9)
    kgio (2.6.0)
    mysql2 (0.3.6)
    rack (1.0.1)
    rails (2.3.3)
      actionmailer (= 2.3.3)
      actionpack (= 2.3.3)
      activerecord (= 2.3.3)
      activeresource (= 2.3.3)
      activesupport (= 2.3.3)
      rake (>= 0.8.3)
    raindrops (0.7.0)
    rake (0.9.2)
    trinidad (1.2.3)
      jruby-rack (>= 1.0.9)
      trinidad_jars (>= 1.0.1)
    trinidad_jars (1.0.1)
    unicorn (4.0.1)
      kgio (~> 2.4)
      rack
      raindrops (~> 0.6)

PLATFORMS
  java
  ruby

DEPENDENCIES
  activerecord-jdbc-adapter
  bundler
  jdbc-mysql
  jruby-openssl
  mysql2
  rails (= 2.3.3)
  trinidad
  unicorn
